GEM
  remote: https://rubygems.org/
  specs:
    addressable (2.3.6)
    ansi (1.4.3)
    crack (0.4.2)
      safe_yaml (~> 1.0.0)
    json (1.8.1)
    mime-types (2.4.3)
    mini_portile (0.6.1)
    minitest (4.7.5)
    netrc (0.8.0)
    nokogiri (1.6.4.1)
      mini_portile (~> 0.6.0)
    rake (10.3.2)
    require_all (1.3.2)
    rest-client (1.7.2)
      mime-types (>= 1.16, < 3.0)
      netrc (~> 0.7)
    rushover (0.3.0)
      json
      rest-client
    safe_yaml (1.0.4)
    smarter_csv (1.0.19)
    turn (0.9.7)
      ansi
      minitest (~> 4)
    vcr (2.9.3)
    webmock (1.20.4)
      addressable (>= 2.3.6)
      crack (>= 0.3.2)

PLATFORMS
  ruby

DEPENDENCIES
  json
  nokogiri
  rake
  require_all
  rushover
  smarter_csv
  turn
  vcr
  webmock
